GEM
  remote: http://rubygems.org/
  specs:
    builder (3.0.0)
    git (1.2.5)
    jeweler (1.6.4)
      bundler (~> 1.0)
      git (>= 1.2.5)
      rake
    nokogiri (1.5.0)
    nokogiri (1.5.0-java)
    rake (0.9.2)
    rcov (0.9.10)
    rcov (0.9.10-java)

PLATFORMS
  java
  ruby

DEPENDENCIES
  builder (>= 3.0.0)
  bundler (~> 1.0.0)
  jeweler (~> 1.6.4)
  nokogiri (>= 1.5.0)
  rcov
