PATH
  remote: .
  specs:
    oxm (0.2.0)
      builder (>= 3.0.0)
      nokogiri (>= 1.5.0)

GEM
  remote: https://rubygems.org/
  specs:
    builder (3.0.4)
    nokogiri (1.5.9)

PLATFORMS
  java
  ruby

DEPENDENCIES
  oxm!
